GEM
  remote: https://rubygems.org/
  specs:
    dotenv (2.2.1)
    esa (1.13.0)
      faraday (~> 0.9)
      faraday_middleware
      mime-types (~> 2.6)
      multi_xml (~> 0.5.5)
    faraday (0.13.1)
      multipart-post (>= 1.2, < 3)
    faraday_middleware (0.12.2)
      faraday (>= 0.7.4, < 1.0)
    mime-types (2.99.3)
    multi_xml (0.5.5)
    multipart-post (2.0.0)
    slack-notifier (2.3.1)

PLATFORMS
  ruby

DEPENDENCIES
  dotenv
  esa
  slack-notifier

BUNDLED WITH
   1.15.3
